GEM
  remote: https://rubygems.org/
  specs:
    byebug (11.0.1)
    faraday (0.15.4)
      multipart-post (>= 1.2, < 3)
    multipart-post (2.1.1)
    pickup (0.0.11)

PLATFORMS
  ruby

DEPENDENCIES
  byebug
  faraday
  pickup

BUNDLED WITH
   2.0.2
